GIT
  remote: git://github.com/premailer/css_parser.git
  revision: 7948d53203e9af4b6ce8a0f3fbabb73d86cf6a5e
  specs:
    css_parser (1.3.7)
      addressable

PATH
  remote: .
  specs:
    premailer (1.8.6)
      css_parser (>= 1.3.7)
      htmlentities (>= 4.0.0)

GEM
  remote: https://rubygems.org/
  specs:
    addressable (2.3.8)
    coveralls (0.8.8)
      json (~> 1.8)
      rest-client (>= 1.6.8, < 2)
      simplecov (~> 0.10.0)
      term-ansicolor (~> 1.3)
      thor (~> 0.19.1)
      tins (~> 1.6.0)
    crack (0.4.2)
      safe_yaml (~> 1.0.0)
    docile (1.1.5)
    domain_name (0.5.25)
      unf (>= 0.0.5, < 1.0.0)
    hashdiff (0.2.3)
    hpricot (0.8.6)
    htmlentities (4.3.4)
    http-cookie (1.0.2)
      domain_name (~> 0.5)
    json (1.8.3)
    mime-types (2.6.2)
    mini_portile (0.6.2)
    netrc (0.11.0)
    nokogiri (1.6.6.2)
      mini_portile (~> 0.6.0)
    nokogumbo (1.4.5)
      nokogiri
    power_assert (0.2.6)
    rake (0.9.6)
    redcarpet (3.3.3)
    rest-client (1.8.0)
      http-cookie (>= 1.0.2, < 2.0)
      mime-types (>= 1.16, < 3.0)
      netrc (~> 0.7)
    ripper (1.0.5)
    safe_yaml (1.0.4)
    simplecov (0.10.0)
      docile (~> 1.1.0)
      json (~> 1.8)
      simplecov-html (~> 0.10.0)
    simplecov-html (0.10.0)
    term-ansicolor (1.3.2)
      tins (~> 1.0)
    test-unit (3.1.5)
      power_assert
    thor (0.19.1)
    tins (1.6.0)
    unf (0.1.4)
      unf_ext
    unf_ext (0.0.7.1)
    webmock (1.22.3)
      addressable (>= 2.3.6)
      crack (>= 0.3.2)
      hashdiff
    yard (0.8.7.6)

PLATFORMS
  ruby

DEPENDENCIES
  bundler (~> 1.3)
  coveralls
  css_parser!
  hpricot (>= 0.8.3)
  jruby-openssl
  nokogiri (>= 1.4.4)
  nokogumbo
  premailer!
  rake (~> 0.8, != 0.9.0)
  redcarpet (~> 3.0)
  ripper
  test-unit
  webmock
  yard (~> 0.8.7.6)

BUNDLED WITH
   1.10.6
